GEM
  remote: https://rubygems.org/
  specs:

PLATFORMS
  x64-mingw-ucrt

DEPENDENCIES

BUNDLED WITH
   2.5.3
